GEM
  remote: http://rubygems.org/
  specs:
    activesupport (3.0.0)
    bson (1.6.2)
    bson_ext (1.4.0)
    diff-lcs (1.1.3)
    ffi (1.0.11)
    growl (1.0.3)
    guard (1.0.0)
      ffi (>= 0.5.0)
      thor (~> 0.14.6)
    guard-rspec (0.6.0)
      guard (>= 0.10.0)
    mongo (1.6.2)
      bson (~> 1.6.2)
    rake (0.9.2.2)
    rspec (2.7.0)
      rspec-core (~> 2.7.0)
      rspec-expectations (~> 2.7.0)
      rspec-mocks (~> 2.7.0)
    rspec-core (2.7.1)
    rspec-expectations (2.7.0)
      diff-lcs (~> 1.1.2)
    rspec-mocks (2.7.0)
    thor (0.14.6)
    virtus (0.4.0)

PLATFORMS
  ruby

DEPENDENCIES
  activesupport
  bson_ext (~> 1.4.0)
  growl
  guard-rspec
  mongo (~> 1.6.2)
  rake (~> 0.9.2.2)
  rspec (~> 2.7.0)
  virtus (~> 0.4.0)
